GEM
  remote: https://rubygems.org/
  specs:
    background_process (1.3)
    domain_name (0.5.20170404)
      unf (>= 0.0.5, < 1.0.0)
    ffi (1.9.18)
    http-cookie (1.0.3)
      domain_name (~> 0.5)
    mime-types (3.1)
      mime-types-data (~> 3.2015)
    mime-types-data (3.2016.0521)
    mustermann (1.0.1)
    netrc (0.11.0)
    rack (2.0.3)
    rack-protection (2.0.0)
      rack
    rbnacl (5.0.0)
      ffi
    rbnacl-libsodium (1.0.16)
      rbnacl (>= 3.0.1)
    rest-client (2.0.2)
      http-cookie (>= 1.0.2, < 2.0)
      mime-types (>= 1.16, < 4.0)
      netrc (~> 0.8)
    service_manager (0.6.4)
      background_process (>= 1.2)
      tcpsocket-wait
    sinatra (2.0.0)
      mustermann (~> 1.0)
      rack (~> 2.0)
      rack-protection (= 2.0.0)
      tilt (~> 2.0)
    tcpsocket-wait (1.0.0)
    tilt (2.0.8)
    unf (0.1.4)
      unf_ext
    unf_ext (0.0.7.4)

PLATFORMS
  ruby

DEPENDENCIES
  rbnacl-libsodium
  rest-client
  service_manager
  sinatra

BUNDLED WITH
   1.15.4
