GEM
  remote: https://rubygems.org/
  specs:
    background_process (1.3)
    daemons (1.2.5)
    eventmachine (1.2.5)
    ffi (1.9.18)
    mime-types (2.99.3)
    netrc (0.11.0)
    rack (1.6.8)
    rack-protection (1.5.3)
      rack
    rbnacl (3.4.0)
      ffi
    rbnacl-libsodium (1.0.8)
      rbnacl (~> 3.0, >= 3.0.1)
    rest-client (1.7.2)
      mime-types (>= 1.16, < 3.0)
      netrc (~> 0.7)
    service_manager (0.6.4)
      background_process (>= 1.2)
      tcpsocket-wait
    sinatra (1.4.7)
      rack (~> 1.5)
      rack-protection (~> 1.4)
      tilt (>= 1.3, < 3)
    tcpsocket-wait (1.0.0)
    thin (1.7.0)
      daemons (~> 1.0, >= 1.0.9)
      eventmachine (~> 1.0, >= 1.0.4)
      rack (>= 1, < 3)
    tilt (2.0.8)

PLATFORMS
  ruby

DEPENDENCIES
  rbnacl-libsodium (= 1.0.8)
  rest-client (= 1.7.2)
  service_manager (= 0.6.4)
  sinatra (= 1.4.7)
  thin (= 1.7.0)

BUNDLED WITH
   1.16.1
